GEM
  remote: https://rubygems.org/
  specs:
    byebug (11.1.3)
    date (3.1.0)
    httparty (0.18.1)
      mime-types (~> 3.0)
      multi_xml (>= 0.5.2)
    mime-types (3.3.1)
      mime-types-data (~> 3.2015)
    mime-types-data (3.2021.0704)
    multi_xml (0.6.0)
    nokogiri (1.12.3-x86_64-darwin)
      racc (~> 1.4)
    open-uri (0.1.0)
      stringio
      time
      uri
    racc (1.5.2)
    stringio (3.0.0)
    time (0.1.0)
      date
    uri (0.10.1)

PLATFORMS
  x86_64-darwin-19

DEPENDENCIES
  byebug
  httparty
  nokogiri
  open-uri

BUNDLED WITH
   2.2.22
